GEM
  remote: https://rubygems.org/
  specs:
    writeexcel (1.0.4)

PLATFORMS
  ruby

DEPENDENCIES
  writeexcel
